PATH
  remote: ../..
  specs:
    ruote (2.3.1)
      blankslate (= 2.1.2.4)
      parslet (= 1.4.0)
      ruby_parser (~> 2.3)
      rufus-cloche (>= 1.0.2)
      rufus-dollar (>= 1.0.4)
      rufus-json (>= 1.0.5)
      rufus-mnemo (>= 1.2.2)
      rufus-scheduler (>= 3.0.0)
      rufus-treechecker (>= 1.0.8)
      sourcify (= 0.5.0)

GEM
  remote: https://rubygems.org/
  specs:
    blankslate (2.1.2.4)
    concurrent-ruby (1.1.5)
    et-orbi (1.2.2)
      tzinfo
    ffi (1.11.1)
    file-tail (1.2.0)
      tins (~> 1.0)
    fugit (1.3.3)
      et-orbi (~> 1.1, >= 1.1.8)
      raabro (~> 1.1)
    haml (5.1.2)
      temple (>= 0.8.0)
      tilt
    mustermann (3.0.0)
      ruby2_keywords (~> 0.0.1)
    parslet (1.4.0)
      blankslate (~> 2.0)
    raabro (1.1.6)
    rack (2.2.6.4)
    rack-protection (3.0.4)
      rack
    rb-fsevent (0.10.3)
    rb-inotify (0.10.0)
      ffi (~> 1.0)
    ruby2_keywords (0.0.5)
    ruby2ruby (1.3.1)
      ruby_parser (~> 2.0)
      sexp_processor (~> 3.0)
    ruby_parser (2.3.1)
      sexp_processor (~> 3.0)
    rufus-cloche (1.0.4)
      rufus-json (>= 1.0.3)
    rufus-dollar (1.0.4)
    rufus-json (1.0.6)
    rufus-mnemo (1.2.3)
    rufus-scheduler (3.6.0)
      fugit (~> 1.1, >= 1.1.6)
    rufus-treechecker (1.0.8)
      ruby_parser (>= 2.0.5)
    sass (3.7.4)
      sass-listen (~> 4.0.0)
    sass-listen (4.0.0)
      rb-fsevent (~> 0.9, >= 0.9.4)
      rb-inotify (~> 0.9, >= 0.9.7)
    sexp_processor (3.2.0)
    sinatra (3.0.4)
      mustermann (~> 3.0)
      rack (~> 2.2, >= 2.2.4)
      rack-protection (= 3.0.4)
      tilt (~> 2.0)
    sourcify (0.5.0)
      file-tail (>= 1.0.5)
      ruby2ruby (>= 1.2.5)
      ruby_parser (>= 2.0.5)
      sexp_processor (>= 3.0.5)
    temple (0.8.2)
    tilt (2.0.11)
    tins (1.21.1)
    tzinfo (2.0.0)
      concurrent-ruby (~> 1.0)

PLATFORMS
  ruby

DEPENDENCIES
  haml
  ruote!
  sass
  sinatra

BUNDLED WITH
   2.0.1
